GEM
  remote: https://rubygems.org/
  specs:
    Ascii85 (1.0.2)
    afm (0.2.2)
    docsplit (0.7.6)
    hashery (2.1.2)
    mimemagic (0.3.1)
    minitest (5.9.0)
    pdf-reader (1.4.0)
      Ascii85 (~> 1.0.0)
      afm (~> 0.2.1)
      hashery (~> 2.0)
      ruby-rc4
      ttfunk
    ruby-rc4 (0.1.5)
    ttfunk (1.4.0)

PLATFORMS
  ruby

DEPENDENCIES
  docsplit
  mimemagic
  minitest
  pdf-reader

BUNDLED WITH
   1.11.2
